GEM
  remote: https://rubygems.org/
  specs:
    ansi (1.5.0)
    builder (3.2.3)
    coderay (1.1.1)
    method_source (0.8.2)
    minitest (5.10.1)
    minitest-reporters (1.1.14)
      ansi
      builder
      minitest (>= 5.0)
      ruby-progressbar
    pry (0.10.4)
      coderay (~> 1.1.0)
      method_source (~> 0.8.1)
      slop (~> 3.4)
    ruby-progressbar (1.8.1)
    slop (3.6.0)
    thor (0.19.4)
    todo-txt (0.11)

PLATFORMS
  ruby

DEPENDENCIES
  minitest-reporters
  pry
  thor
  todo-txt

BUNDLED WITH
   1.14.6
